PATH
  remote: .
  specs:
    tplink-admin (0.0.5)
      curb
      nokogiri
      thor

GEM
  remote: https://rubygems.org/
  specs:
    coderay (1.1.0)
    curb (0.9.0)
    method_source (0.8.2)
    mini_portile (0.6.2)
    nokogiri (1.6.6.2)
      mini_portile (~> 0.6.0)
    pry (0.10.3)
      coderay (~> 1.1.0)
      method_source (~> 0.8.1)
      slop (~> 3.4)
    rake (10.4.2)
    slop (3.6.0)
    thor (0.19.1)

PLATFORMS
  ruby

DEPENDENCIES
  bundler (~> 1.10)
  pry
  rake (~> 10.0)
  tplink-admin!

BUNDLED WITH
   1.11.1
